GEM
  remote: https://rubygems.org/
  specs:
    coderay (1.1.1)
    interception (0.5)
    method_source (0.8.2)
    minitest (5.9.1)
    minitest-documentation (1.0.0)
      minitest (~> 5.2)
    pry (0.10.4)
      coderay (~> 1.1.0)
      method_source (~> 0.8.1)
      slop (~> 3.4)
    pry-rescue (1.4.4)
      interception (>= 0.5)
      pry
    slop (3.6.0)

PLATFORMS
  ruby

DEPENDENCIES
  minitest-documentation
  pry-rescue

BUNDLED WITH
   1.13.2
